GEM
  remote: https://rubygems.org/
  specs:
    pg (1.5.3)

PLATFORMS
  -darwin-20
  aarch64-linux

DEPENDENCIES
  pg

BUNDLED WITH
   2.3.14
